GIT
  remote: git://github.com/Watson1978/BubbleWrap.git
  revision: b158e21292afd25f9cee5017689f8a54c633538d
  branch: configs
  specs:
    bubble-wrap (1.1.3)

GEM
  remote: https://rubygems.org/
  specs:
    rubymotion_generators (0.0.4)
      thor (~> 0.15)
    thor (0.16.0)

PLATFORMS
  ruby

DEPENDENCIES
  bubble-wrap (~> 1.1.3)!
  rubymotion_generators
